PATH
  remote: .
  specs:
    mapknitter_exporter (1.0.9)

GEM
  remote: https://rubygems.org/
  specs:
    ast (2.4.1)
    minitest (5.14.1)
    parallel (1.20.1)
    parser (2.7.2.0)
      ast (~> 2.4.1)
    rainbow (3.0.0)
    regexp_parser (2.0.0)
    rexml (3.2.4)
    rubocop (1.6.1)
      parallel (~> 1.10)
      parser (>= 2.7.1.5)
      rainbow (>= 2.2.2, < 4.0)
      regexp_parser (>= 1.8, < 3.0)
      rexml
      rubocop-ast (>= 1.2.0, < 2.0)
      ruby-progressbar (~> 1.7)
      unicode-display_width (>= 1.4.0, < 2.0)
    rubocop-ast (1.3.0)
      parser (>= 2.7.1.5)
    rubocop-performance (1.7.0)
      rubocop (>= 0.82.0)
    ruby-progressbar (1.10.1)
    unicode-display_width (1.7.0)

PLATFORMS
  ruby

DEPENDENCIES
  mapknitter_exporter!
  minitest (~> 5.14.1)
  rubocop (~> 1.6.1)
  rubocop-performance

RUBY VERSION
   ruby 2.4.6p354

BUNDLED WITH
   1.17.3
