PATH
  remote: .
  specs:
    mapknitter-exporter (1.0.9)

GEM
  remote: https://rubygems.org/
  specs:
    minitest (5.14.0)

PLATFORMS
  ruby

DEPENDENCIES
  mapknitter-exporter!
  minitest (~> 5.14.0)

RUBY VERSION
   ruby 2.4.6p354

BUNDLED WITH
   1.17.3
